GEM
  remote: https://rubygems.org/
  specs:
    ffi (1.16.3)
    front_matter_parser (1.0.1)
    htmlcompressor (0.4.0)
    kramdown (2.4.0)
      rexml
    rb-fsevent (0.11.2)
    rb-inotify (0.11.1)
      ffi (~> 1.0)
    rexml (3.3.9)
    sass (3.7.4)
      sass-listen (~> 4.0.0)
    sass-listen (4.0.0)
      rb-fsevent (~> 0.9, >= 0.9.4)
      rb-inotify (~> 0.9, >= 0.9.7)

PLATFORMS
  x64-mingw32
  x86_64-linux

DEPENDENCIES
  front_matter_parser
  htmlcompressor
  kramdown
  sass

BUNDLED WITH
   2.4.13
